GEM
  remote: https://rubygems.org/
  specs:
    bitters (0.9.3)
      bourbon (>= 3.1)
      sass (>= 3.2)
      thor
    bourbon (4.0.1)
      sass (~> 3.3)
      thor
    neat (1.6.0)
      bourbon (>= 3.1)
      sass (>= 3.3)
    refills (0.0.1)
    sass (3.3.6)
    thor (0.19.1)

PLATFORMS
  ruby

DEPENDENCIES
  bitters
  bourbon
  neat
  refills
  sass
